GEM
  remote: https://rubygems.org/
  specs:
    em-synchrony (1.0.3)
      eventmachine (>= 1.0.0.beta.1)
    eventmachine (1.0.3)
    redis (3.0.4)

PLATFORMS
  ruby

DEPENDENCIES
  em-synchrony
  eventmachine
  redis
